GEM
  remote: https://rubygems.org/
  specs:
    yahoo-finance (1.0.0)

PLATFORMS
  ruby

DEPENDENCIES
  yahoo-finance
